PATH
  remote: .
  specs:
    simple_combine_xls (0.5.0)
      spreadsheet (~> 1.2, >= 1.2.8)

GEM
  remote: https://rubygems.org/
  specs:
    rake (12.3.3)
    ruby-ole (1.2.12.2)
    spreadsheet (1.2.8)
      ruby-ole

PLATFORMS
  ruby

DEPENDENCIES
  rake (~> 12.0)
  simple_combine_xls!
  spreadsheet (~> 1.2, >= 1.2.8)

BUNDLED WITH
   2.1.4
